GEM
  remote: https://rubygems.org/
  specs:
    cool.io (1.2.1)
    dummer (0.3.3)
      fluent-logger
      serverengine
      thor
    fluent-logger (0.4.7)
      msgpack (>= 0.4.4, < 0.6.0, != 0.5.3, != 0.5.2, != 0.5.1, != 0.5.0)
      yajl-ruby (~> 1.0)
    fluent-plugin-influxdb (0.1.2)
      fluentd
    fluentd (0.10.45)
      cool.io (>= 1.1.1, < 2.0.0, != 1.2.0)
      http_parser.rb (~> 0.5.1)
      json (>= 1.4.3)
      msgpack (>= 0.4.4, < 0.6.0, != 0.5.3, != 0.5.2, != 0.5.1, != 0.5.0)
      sigdump (~> 0.2.2)
      yajl-ruby (~> 1.0)
    http_parser.rb (0.5.3)
    json (1.8.1)
    msgpack (0.5.8)
    serverengine (1.5.7)
      sigdump (~> 0.2.2)
    sigdump (0.2.2)
    thor (0.19.1)
    yajl-ruby (1.4.3)

PLATFORMS
  ruby

DEPENDENCIES
  dummer
  fluent-plugin-influxdb
  fluentd (>= 0.10.45)
